GEM
  remote: https://rubygems.org/
  specs:
    diff-lcs (1.2.4)
    highline (1.6.19)
    net-ssh (2.6.8)
    parallel (0.7.1)
    parallel_tests (0.15.0)
      parallel
    rainbow (1.1.4)
    rspec (2.13.0)
      rspec-core (~> 2.13.0)
      rspec-expectations (~> 2.13.0)
      rspec-mocks (~> 2.13.0)
    rspec-core (2.13.1)
    rspec-expectations (2.13.0)
      diff-lcs (>= 1.1.3, < 2.0)
    rspec-mocks (2.13.1)
    serverspec (0.7.0)
      highline
      net-ssh
      rspec (~> 2.13.0)
    systemu (2.5.2)

PLATFORMS
  ruby

DEPENDENCIES
  parallel_tests
  rainbow
  serverspec
  systemu
